GEM
  remote: https://rubygems.org/
  specs:
    ast (2.4.2)
    awesome_print (1.9.2)
    base64 (0.2.0)
    date (3.4.1)
    debug (1.10.0)
      irb (~> 1.10)
      reline (>= 0.3.8)
    faraday (2.7.10)
      faraday-net_http (>= 2.0, < 3.1)
      ruby2_keywords (>= 0.0.4)
    faraday-net_http (3.0.2)
    io-console (0.8.0)
    irb (1.15.1)
      pp (>= 0.6.0)
      rdoc (>= 4.0.0)
      reline (>= 0.4.2)
    json (2.10.2)
    language_server-protocol (3.17.0.4)
    lint_roller (1.1.0)
    logger (1.6.6)
    parallel (1.26.3)
    parser (3.3.7.1)
      ast (~> 2.4.1)
      racc
    pp (0.6.2)
      prettyprint
    prettyprint (0.2.0)
    prism (1.4.0)
    psych (5.2.3)
      date
      stringio
    racc (1.8.1)
    rainbow (3.1.1)
    rbs (3.9.0)
      logger
    rdoc (6.12.0)
      psych (>= 4.0.0)
    regexp_parser (2.10.0)
    reline (0.6.0)
      io-console (~> 0.5)
    rubocop (1.74.0)
      json (~> 2.3)
      language_server-protocol (~> 3.17.0.2)
      lint_roller (~> 1.1.0)
      parallel (~> 1.10)
      parser (>= 3.3.0.2)
      rainbow (>= 2.2.2, < 4.0)
      regexp_parser (>= 2.9.3, < 3.0)
      rubocop-ast (>= 1.38.0, < 2.0)
      ruby-progressbar (~> 1.7)
      unicode-display_width (>= 2.4.0, < 4.0)
    rubocop-ast (1.40.0)
      parser (>= 3.3.1.0)
    ruby-lsp (0.23.12)
      language_server-protocol (~> 3.17.0)
      prism (>= 1.2, < 2.0)
      rbs (>= 3, < 4)
      sorbet-runtime (>= 0.5.10782)
    ruby-progressbar (1.13.0)
    ruby2_keywords (0.0.5)
    sorbet-runtime (0.5.11945)
    stringio (3.1.5)
    unicode-display_width (3.1.4)
      unicode-emoji (~> 4.0, >= 4.0.4)
    unicode-emoji (4.0.4)

PLATFORMS
  aarch64-linux
  x86_64-darwin-22
  x86_64-linux
  x86_64-linux-musl

DEPENDENCIES
  awesome_print (~> 1.9)
  base64
  debug
  faraday (~> 2.7)
  rubocop
  ruby-lsp

BUNDLED WITH
   2.6.4
